GIT
  remote: https://github.com/parablesoft/painless_manufacturing-accounting.git
  revision: 09a853110f9e387ec1e0fdca5c84b0153960ed7f
  branch: feature/vendor-sku
  specs:
    painless_manufacturing-accounting (0.1.6)
      rails (> 5)

GIT
  remote: https://github.com/parablesoft/painless_manufacturing.git
  revision: f13582ad0d4a91cd8a2619e8c6d5e2e4999b4bfb
  branch: feature/crm-mods
  specs:
    painless_manufacturing (0.1.14)
      fractional (~> 1.2.1)
      method_source (~> 0.9.2)
      rails (> 5)
      stardust_rails (>= 0.1.5)

GIT
  remote: https://github.com/parablesoft/stardust-hooks.git
  revision: 47f375ee60a49159cddcc96f415c861c2b474f82
  branch: feature/enhancements
  specs:
    stardust-hooks (0.1.0)
      pg
      rails (>= 5.0.2)
      sidekiq (>= 5.2.1)
      stardust_rails

GIT
  remote: https://github.com/parablesoft/stardust-rspec.git
  revision: da35d5ee77baa64a48df0f8a55896650d9b324a2
  tag: v0.1.1
  specs:
    stardust-rspec (0.1.1)
      rails (>= 5.0)
      rspec-expectations

GIT
  remote: https://github.com/parablesoft/stardust_rails-kpis.git
  revision: e6d171f23e8ca679e63625881fd6bdb4b699ebc1
  ref: e6d171f23e8ca679e63625881fd6bdb4b699ebc1
  specs:
    stardust_rails-kpis (0.1.0)
      pg
      rails (>= 5.0.2)
      sidekiq (>= 5.2.1)

GIT
  remote: https://github.com/parablesoft/stardust_rails-reports.git
  revision: d6b1d0e8cea823a4117bd8e730e039207599058b
  ref: d6b1d0e8cea823a4117bd8e730e039207599058b
  branch: master
  specs:
    stardust_rails-reports (0.0.1)
      csv
      pg
      rails (>= 5.0.2)
      stardust_rails

GIT
  remote: https://github.com/parablesoft/stardust_rails.git
  revision: 388509edd84b76d5fcfbf313acf09ef3a6bded72
  branch: master
  specs:
    stardust_rails (0.3.2)
      apollo-federation (~> 1.0.4)
      apollo_upload_server (~> 2.0.1)
      graphiql-rails (~> 1.7.0)
      graphql (~> 1.10.0)
      graphql-batch (~> 0.4.2)
      graphql-rails_logger (~> 1.2.2)
      rails (>= 5.0)

GIT
  remote: https://github.com/victornamuso/my_zipcode_gem
  revision: 4a98831fccfe3ff40fbb6471ae30f2657783561c
  branch: develop
  specs:
    my_zipcode_gem (0.3.0)
      memoist (~> 0.16.0)
      rails (>= 3.0.0)

GEM
  remote: https://rubygems.org/
  specs:
    actioncable (5.2.3)
      actionpack (= 5.2.3)
      nio4r (~> 2.0)
      websocket-driver (>= 0.6.1)
    actionmailer (5.2.3)
      actionpack (= 5.2.3)
      actionview (= 5.2.3)
      activejob (= 5.2.3)
      mail (~> 2.5, >= 2.5.4)
      rails-dom-testing (~> 2.0)
    actionpack (5.2.3)
      actionview (= 5.2.3)
      activesupport (= 5.2.3)
      rack (~> 2.0)
      rack-test (>= 0.6.3)
      rails-dom-testing (~> 2.0)
      rails-html-sanitizer (~> 1.0, >= 1.0.2)
    actionview (5.2.3)
      activesupport (= 5.2.3)
      builder (~> 3.1)
      erubi (~> 1.4)
      rails-dom-testing (~> 2.0)
      rails-html-sanitizer (~> 1.0, >= 1.0.3)
    activejob (5.2.3)
      activesupport (= 5.2.3)
      globalid (>= 0.3.6)
    activemodel (5.2.3)
      activesupport (= 5.2.3)
    activerecord (5.2.3)
      activemodel (= 5.2.3)
      activesupport (= 5.2.3)
      arel (>= 9.0)
    activestorage (5.2.3)
      actionpack (= 5.2.3)
      activerecord (= 5.2.3)
      marcel (~> 0.3.1)
    activesupport (5.2.3)
      concurrent-ruby (~> 1.0, >= 1.0.2)
      i18n (>= 0.7, < 2)
      minitest (~> 5.1)
      tzinfo (~> 1.1)
    acts_as_list (0.9.15)
      activerecord (>= 3.0)
    acts_as_paranoid (0.6.2)
      activerecord (>= 4.2, < 7.0)
      activesupport (>= 4.2, < 7.0)
    addressable (2.7.0)
      public_suffix (>= 2.0.2, < 5.0)
    apollo-federation (1.0.4)
      google-protobuf (~> 3.7)
      graphql (>= 1.9.8)
    apollo_upload_server (2.0.1)
      graphql (>= 1.8)
      rails (>= 4.2)
    arel (9.0.0)
    authorizenet (2.0.0)
      activesupport (>= 4.2.6)
      nokogiri (~> 1.6, >= 1.6.4)
      roxml (>= 3.3.1)
    auto_strip_attributes (2.6.0)
      activerecord (>= 4.0)
    awesome_print (1.8.0)
    aws-eventstream (1.0.3)
    aws-partitions (1.257.0)
    aws-sdk-core (3.86.0)
      aws-eventstream (~> 1.0, >= 1.0.2)
      aws-partitions (~> 1, >= 1.239.0)
      aws-sigv4 (~> 1.1)
      jmespath (~> 1.0)
    aws-sdk-kms (1.27.0)
      aws-sdk-core (~> 3, >= 3.71.0)
      aws-sigv4 (~> 1.1)
    aws-sdk-s3 (1.60.0)
      aws-sdk-core (~> 3, >= 3.83.0)
      aws-sdk-kms (~> 1)
      aws-sigv4 (~> 1.1)
    aws-sigv4 (1.1.0)
      aws-eventstream (~> 1.0, >= 1.0.2)
    bcrypt (3.1.13)
    bootsnap (1.4.5)
      msgpack (~> 1.0)
    builder (3.2.3)
    byebug (11.0.1)
    carrierwave (2.0.0.rc)
      activemodel (>= 5.0.0)
      activesupport (>= 5.0.0)
      addressable (~> 2.6)
      image_processing (~> 1.1)
      mimemagic (>= 0.3.0)
      mini_mime (>= 0.1.3)
    carrierwave-aws (1.3.0)
      aws-sdk-s3 (~> 1.0)
      carrierwave (>= 0.7, < 2.0)
    concurrent-ruby (1.1.5)
    connection_pool (2.2.2)
    crass (1.0.5)
    csv (3.1.9)
    declarative (0.0.10)
    declarative-option (0.1.0)
    devise (4.7.1)
      bcrypt (~> 3.0)
      orm_adapter (~> 0.1)
      railties (>= 4.1.0)
      responders
      warden (~> 1.2.3)
    diff-lcs (1.3)
    dotenv (2.7.5)
    dotenv-rails (2.7.5)
      dotenv (= 2.7.5)
      railties (>= 3.2, < 6.1)
    erubi (1.9.0)
    et-orbi (1.2.2)
      tzinfo
    factory_bot (5.1.1)
      activesupport (>= 4.2.0)
    factory_bot_rails (5.1.1)
      factory_bot (~> 5.1.0)
      railties (>= 4.2.0)
    faraday (0.17.1)
      multipart-post (>= 1.2, < 3)
    ffaker (2.13.0)
    ffi (1.11.2)
    fractional (1.2.1)
    fugit (1.3.3)
      et-orbi (~> 1.1, >= 1.1.8)
      raabro (~> 1.1)
    globalid (0.4.2)
      activesupport (>= 4.2.0)
    google-api-client (0.36.0)
      addressable (~> 2.5, >= 2.5.1)
      googleauth (~> 0.9)
      httpclient (>= 2.8.1, < 3.0)
      mini_mime (~> 1.0)
      representable (~> 3.0)
      retriable (>= 2.0, < 4.0)
      signet (~> 0.12)
    google-protobuf (3.9.2)
    googleauth (0.10.0)
      faraday (~> 0.12)
      jwt (>= 1.4, < 3.0)
      memoist (~> 0.16)
      multi_json (~> 1.11)
      os (>= 0.9, < 2.0)
      signet (~> 0.12)
    graphiql-rails (1.7.0)
      railties
      sprockets-rails
    graphql (1.10.10)
    graphql-batch (0.4.3)
      graphql (>= 1.3, < 2)
      promise.rb (~> 0.7.2)
    graphql-rails_logger (1.2.2)
      actionpack (> 5.0)
      activesupport (> 5.0)
      railties (> 5.0)
      rouge (~> 3.0)
    hashie (2.0.5)
    httparty (0.12.0)
      json (~> 1.8)
      multi_xml (>= 0.5.2)
    httpclient (2.8.3)
    i18n (1.7.0)
      concurrent-ruby (~> 1.0)
    image_processing (1.10.0)
      mini_magick (>= 4.9.5, < 5)
      ruby-vips (>= 2.0.13, < 3)
    jmespath (1.4.0)
    json (1.8.6)
    jwt (2.2.1)
    liquid (5.0.0)
    listen (3.1.5)
      rb-fsevent (~> 0.9, >= 0.9.4)
      rb-inotify (~> 0.9, >= 0.9.7)
      ruby_dep (~> 1.2)
    logidze (0.12.0)
      rails (>= 4.2)
    loofah (2.4.0)
      crass (~> 1.0.2)
      nokogiri (>= 1.5.9)
    mail (2.7.1)
      mini_mime (>= 0.1.1)
    mail_view (2.0.4)
      tilt
    marcel (0.3.3)
      mimemagic (~> 0.3.2)
    memoist (0.16.0)
    metaclass (0.0.4)
    method_source (0.9.2)
    mimemagic (0.3.3)
    mini_magick (4.9.5)
    mini_mime (1.0.2)
    mini_portile2 (2.4.0)
    minitest (5.13.0)
    mocha (1.9.0)
      metaclass (~> 0.0.1)
    msgpack (1.3.1)
    multi_json (1.14.1)
    multi_xml (0.6.0)
    multipart-post (2.1.1)
    nio4r (2.5.2)
    nokogiri (1.10.5)
      mini_portile2 (~> 2.4.0)
    orm_adapter (0.5.0)
    os (1.0.1)
    pg (0.20.0)
    pg_search (2.1.4)
      activerecord (>= 4.2)
      activesupport (>= 4.2)
    promise.rb (0.7.4)
    public_suffix (4.0.1)
    puma (3.12.1)
    raabro (1.1.6)
    rack (2.0.7)
    rack-cors (1.0.6)
      rack (>= 1.6.0)
    rack-protection (2.0.7)
      rack
    rack-test (1.1.0)
      rack (>= 1.0, < 3)
    rails (5.2.3)
      actioncable (= 5.2.3)
      actionmailer (= 5.2.3)
      actionpack (= 5.2.3)
      actionview (= 5.2.3)
      activejob (= 5.2.3)
      activemodel (= 5.2.3)
      activerecord (= 5.2.3)
      activestorage (= 5.2.3)
      activesupport (= 5.2.3)
      bundler (>= 1.3.0)
      railties (= 5.2.3)
      sprockets-rails (>= 2.0.0)
    rails-dom-testing (2.0.3)
      activesupport (>= 4.2.0)
      nokogiri (>= 1.6)
    rails-html-sanitizer (1.3.0)
      loofah (~> 2.3)
    railties (5.2.3)
      actionpack (= 5.2.3)
      activesupport (= 5.2.3)
      method_source
      rake (>= 0.8.7)
      thor (>= 0.19.0, < 2.0)
    rake (13.0.1)
    rash (0.4.0)
      hashie (~> 2.0.0)
    rb-fsevent (0.10.3)
    rb-inotify (0.10.0)
      ffi (~> 1.0)
    redis (4.1.3)
    representable (3.0.4)
      declarative (< 0.1.0)
      declarative-option (< 0.2.0)
      uber (< 0.2.0)
    responders (2.4.1)
      actionpack (>= 4.2.0, < 6.0)
      railties (>= 4.2.0, < 6.0)
    retriable (3.1.2)
    rouge (3.19.0)
    roxml (4.0.0)
      activesupport (>= 4.0)
      nokogiri (>= 1.3.3)
    rspec-core (3.9.0)
      rspec-support (~> 3.9.0)
    rspec-expectations (3.9.0)
      diff-lcs (>= 1.2.0, < 2.0)
      rspec-support (~> 3.9.0)
    rspec-mocks (3.9.0)
      diff-lcs (>= 1.2.0, < 2.0)
      rspec-support (~> 3.9.0)
    rspec-rails (3.9.0)
      actionpack (>= 3.0)
      activesupport (>= 3.0)
      railties (>= 3.0)
      rspec-core (~> 3.9.0)
      rspec-expectations (~> 3.9.0)
      rspec-mocks (~> 3.9.0)
      rspec-support (~> 3.9.0)
    rspec-support (3.9.0)
    ruby-vips (2.0.16)
      ffi (~> 1.9)
    ruby_dep (1.5.0)
    rufus-scheduler (3.6.0)
      fugit (~> 1.1, >= 1.1.6)
    shoulda-matchers (4.0.1)
      activesupport (>= 4.2.0)
    sidekiq (5.2.7)
      connection_pool (~> 2.2, >= 2.2.2)
      rack (>= 1.5.0)
      rack-protection (>= 1.5.0)
      redis (>= 3.3.5, < 5)
    sidekiq-scheduler (3.0.0)
      redis (>= 3, < 5)
      rufus-scheduler (~> 3.2)
      sidekiq (>= 3)
      tilt (>= 1.4.0)
    signet (0.12.0)
      addressable (~> 2.3)
      faraday (~> 0.9)
      jwt (>= 1.5, < 3.0)
      multi_json (~> 1.10)
    spring (2.0.2)
      activesupport (>= 4.2)
    spring-commands-rspec (1.0.4)
      spring (>= 0.9.1)
    spring-watcher-listen (2.0.1)
      listen (>= 2.7, < 4.0)
      spring (>= 1.2, < 3.0)
    sprockets (4.0.0)
      concurrent-ruby (~> 1.0)
      rack (> 1, < 3)
    sprockets-rails (3.2.1)
      actionpack (>= 4.0)
      activesupport (>= 4.0)
      sprockets (>= 3.0.0)
    state_machines (0.5.0)
    state_machines-activemodel (0.7.1)
      activemodel (>= 4.1)
      state_machines (>= 0.5.0)
    state_machines-activerecord (0.6.0)
      activerecord (>= 4.1)
      state_machines-activemodel (>= 0.5.0)
    thor (0.20.3)
    thread_safe (0.3.6)
    tilt (2.0.10)
    timecop (0.9.1)
    tzinfo (1.2.5)
      thread_safe (~> 0.1)
    uber (0.1.0)
    warden (1.2.8)
      rack (>= 2.0.6)
    websocket-driver (0.7.1)
      websocket-extensions (>= 0.1.0)
    websocket-extensions (0.1.4)
    wicked_pdf (1.4.0)
      activesupport
    wkhtmltopdf-binary-edge (0.12.5.1)
    wkhtmltopdf-binary-edge-alpine (0.12.5.0)
    zester (0.4.0)
      httparty (~> 0.12.0)
      rash (~> 0.4.0)

PLATFORMS
  ruby

DEPENDENCIES
  acts_as_list (= 0.9.15)
  acts_as_paranoid
  authorizenet
  auto_strip_attributes (~> 2.6)
  awesome_print
  bootsnap (>= 1.1.0)
  byebug
  carrierwave (= 2.0.0.rc)
  carrierwave-aws (= 1.3.0)
  devise
  dotenv-rails
  factory_bot_rails
  ffaker
  google-api-client (~> 0.34)
  google-protobuf (= 3.9.2)
  liquid
  listen (>= 3.0.5, < 3.2)
  logidze
  mail_view (~> 2.0.4)
  memoist (= 0.16.0)
  mini_magick
  mocha
  my_zipcode_gem!
  painless_manufacturing!
  painless_manufacturing-accounting!
  pg (= 0.20.0)
  pg_search
  puma (~> 3.11)
  rack-cors
  rails (~> 5.2.3)
  rspec-rails
  shoulda-matchers
  sidekiq
  sidekiq-scheduler
  spring
  spring-commands-rspec
  spring-watcher-listen (~> 2.0.0)
  stardust-hooks!
  stardust-rspec!
  stardust_rails!
  stardust_rails-kpis!
  stardust_rails-reports!
  state_machines (~> 0.5.0)
  state_machines-activerecord (~> 0.6.0)
  timecop
  tzinfo-data
  wicked_pdf
  wkhtmltopdf-binary-edge (~> 0.12.5.0)
  wkhtmltopdf-binary-edge-alpine (~> 0.12.5.0)
  zester

RUBY VERSION
   ruby 2.6.5p114

BUNDLED WITH
   2.0.2
